GEM
  remote: https://rubygems.org/
  specs:
    excon (0.32.1)
    heroku-api (0.3.18)
      excon (~> 0.27)
      multi_json (~> 1.8)
    mime-types (2.2)
    mini_portile (0.5.3)
    multi_json (1.9.2)
    nokogiri (1.6.1)
      mini_portile (~> 0.5.0)
    rest-client (1.6.7)
      mime-types (>= 1.16)

PLATFORMS
  ruby

DEPENDENCIES
  heroku-api (= 0.3.18)
  nokogiri (= 1.6.1)
  rest-client (= 1.6.7)
